GEM
  remote: https://rubygems.org/
  specs:
    concurrent-ruby (1.0.2)
    diff-lcs (1.2.5)
    dotenv (2.1.1)
    flickraw (0.9.8)
    httpclient (2.8.0)
    rspec (3.4.0)
      rspec-core (~> 3.4.0)
      rspec-expectations (~> 3.4.0)
      rspec-mocks (~> 3.4.0)
    rspec-core (3.4.4)
      rspec-support (~> 3.4.0)
    rspec-expectations (3.4.0)
      diff-lcs (>= 1.2.0, < 2.0)
      rspec-support (~> 3.4.0)
    rspec-mocks (3.4.1)
      diff-lcs (>= 1.2.0, < 2.0)
      rspec-support (~> 3.4.0)
    rspec-support (3.4.1)

PLATFORMS
  ruby

DEPENDENCIES
  concurrent-ruby
  dotenv
  flickraw
  httpclient
  rspec

BUNDLED WITH
   1.12.5
